GEM
  remote: https://rubygems.org/
  specs:
    blankslate (2.1.2.4)
    html2md (0.1.3)
    mini_portile (0.6.0)
    nokogiri (1.6.2.1)
      mini_portile (= 0.6.0)
    parslet (1.6.1)
      blankslate (~> 2.0)
    upmark (0.1.4)
      parslet

PLATFORMS
  ruby

DEPENDENCIES
  html2md
  nokogiri
  upmark
